GEM
  remote: https://rubygems.org/
  specs:
    dream_cheeky (0.3.1)
      pkg-config
    pkg-config (1.1.5)

PLATFORMS
  ruby

DEPENDENCIES
  dream_cheeky
